NUGET
  remote: https://www.nuget.org/api/v2
  specs:
    FSharp.Charting (0.90.12) - framework: >= net45
    FSharp.Data (2.2.5) - framework: >= net45
    FsUnit (1.3.1.0) - framework: >= net45
      NUnit (2.6.4)
    FsUnit.Sample (1.3.1.0) - framework: >= net45
      FsUnit
    MathNet.Numerics (3.8.0) - framework: >= net45
    NuGet.CommandLine (2.8.6)
    NUnit (2.6.4) - framework: >= net45
