NUGET
  remote: http://api.nuget.org/v3/index.json
  specs:
    FSharp.Charting (0.90.12) - framework: >= net40
    FSharp.Data (2.2.5) - framework: >= net40
    FsUnit (1.3.1) - framework: >= net40
      NUnit (2.6.4)
    FsUnit.Sample (1.3.1) - framework: >= net40
      FsUnit
    MathNet.Numerics (3.8.0) - framework: >= net40
      TaskParallelLibrary (>= 1.0.2856) - framework: >= net35
    NUnit (2.6.4) - framework: >= net40
    TaskParallelLibrary (1.0.2856) - framework: >= net40
  remote: https://www.nuget.org/api/v2
  specs:
    NuGet.CommandLine (2.8.6)
