NUGET
  remote: http://api.nuget.org/v3/index.json
  specs:
    Antlr (3.5.0.2) - framework: >= net40
    BenchmarkDotNet (0.9.9) - framework: >= net40
      BenchmarkDotNet.Toolchains.Roslyn (>= 0.9.9) - framework: >= net45
    BenchmarkDotNet.Core (0.9.9) - framework: >= net45
      System.Threading.Tasks.Extensions (>= 4.0) - framework: >= net45, >= netstandard15
    BenchmarkDotNet.Diagnostics.Windows (0.9.9) - framework: >= net40
      BenchmarkDotNet (>= 0.9.9) - framework: >= net45
      Microsoft.Diagnostics.Tracing.TraceEvent (>= 1.0.41) - framework: >= net45
    BenchmarkDotNet.Toolchains.Roslyn (0.9.9) - framework: >= net45
      BenchmarkDotNet.Core (>= 0.9.9) - framework: >= net45
      Microsoft.CodeAnalysis.CSharp (>= 1.3.2) - framework: >= net45
      System.Threading.Tasks (>= 4.0) - framework: >= net45
    d3 (3.5.6) - framework: >= net40
    Dynamitey (1.0.2) - framework: >= net40
    FSharp.Charting (0.90.12) - framework: >= net40
    FSharp.Core (3.1.2.1) - framework: >= net40
    FSharp.Data (2.2.5) - framework: >= net40
    FSharp.Interop.Dynamic (3.0) - framework: >= net40
      Dynamitey (>= 1.0.2)
      FSharp.Core (>= 3.1.2.1)
    FsUnit (1.3.1) - framework: >= net40
      NUnit (2.6.4)
    FsWebAddRegistryEntries (0.1.1) - framework: >= net40
    MathNet.Numerics (3.8) - framework: >= net40
    Microsoft.CodeAnalysis.Common (1.3.2) - framework: >= net45
    Microsoft.CodeAnalysis.CSharp (1.3.2) - framework: >= net45
      Microsoft.CodeAnalysis.Common (1.3.2)
    Microsoft.Diagnostics.Tracing.TraceEvent (1.0.41) - framework: >= net45
    MSBuild.Extension.Pack (1.6) - framework: >= net40
    Newtonsoft.Json (7.0.1)
    NuGet.CommandLine (3.4.3)
    NUnit (2.6.4) - framework: >= net40
    System.Threading.Tasks (4.0.11) - framework: >= net45
    System.Threading.Tasks.Extensions (4.0) - framework: >= net45
