NUGET
  remote: http://api.nuget.org/v3/index.json
    Antlr (3.5.0.2) - framework: >= net40
    BenchmarkDotNet (0.10) - framework: >= net40
      BenchmarkDotNet.Toolchains.Roslyn (>= 0.10) - framework: >= net45
    BenchmarkDotNet.Core (0.10) - framework: >= net45
      System.Threading.Tasks.Extensions (>= 4.0) - framework: >= net45, >= netstandard15
    BenchmarkDotNet.Diagnostics.Windows (0.10) - framework: >= net40
      BenchmarkDotNet (>= 0.10) - framework: >= net45
      Microsoft.Diagnostics.Tracing.TraceEvent (>= 1.0.41) - framework: >= net45
    BenchmarkDotNet.Toolchains.Roslyn (0.10) - framework: >= net45
      BenchmarkDotNet.Core (>= 0.10) - framework: >= net45
      Microsoft.CodeAnalysis.CSharp (>= 1.3.2) - framework: >= net45
      System.Threading.Tasks (>= 4.0) - framework: >= net45
    Dynamitey (1.0.2) - framework: >= net40
    FSharp.Charting (0.90.14) - framework: >= net40
    FSharp.Core (3.1.2.1) - framework: >= net40
    FSharp.Data (2.3.2) - framework: >= net40
    FSharp.Interop.Dynamic (3.0) - framework: >= net40
      Dynamitey (>= 1.0.2)
      FSharp.Core (>= 3.1.2.1)
    FsUnit (1.3.1) - framework: >= net40
      NUnit (2.6.4)
    FsWebAddRegistryEntries (0.1.1) - framework: >= net40
    MathNet.Numerics (3.8) - framework: >= net40
    Microsoft.CodeAnalysis.Analyzers (1.1) - framework: >= net45
    Microsoft.CodeAnalysis.Common (1.3.2) - framework: >= net45
      Microsoft.CodeAnalysis.Analyzers (>= 1.1) - framework: >= net45, >= netstandard11, portable-net45+win8
      System.AppContext (>= 4.1) - framework: >= net46, >= netstandard13
      System.Collections (>= 4.0.11) - framework: >= net46, >= netstandard13
      System.Collections.Concurrent (>= 4.0.12) - framework: >= net46, >= netstandard13
      System.Collections.Immutable (>= 1.1.37) - framework: >= net45, >= netstandard11, portable-net45+win8
      System.Collections.Immutable (>= 1.2) - framework: >= net46, >= netstandard13
      System.Console (>= 4.0) - framework: >= net46, >= netstandard13
      System.Diagnostics.Debug (>= 4.0.11) - framework: >= net46, >= netstandard13
      System.Diagnostics.FileVersionInfo (>= 4.0) - framework: >= net46, >= netstandard13
      System.Diagnostics.StackTrace (>= 4.0.1) - framework: >= net46, >= netstandard13
      System.Diagnostics.Tools (>= 4.0.1) - framework: >= net46, >= netstandard13
      System.Dynamic.Runtime (>= 4.0.11) - framework: >= net46, >= netstandard13
      System.Globalization (>= 4.0.11) - framework: >= net46, >= netstandard13
      System.IO.FileSystem (>= 4.0.1) - framework: >= net46, >= netstandard13
      System.IO.FileSystem.Primitives (>= 4.0.1) - framework: >= net46, >= netstandard13
      System.Linq (>= 4.1) - framework: >= net46, >= netstandard13
      System.Linq.Expressions (>= 4.1) - framework: >= net46, >= netstandard13
      System.Reflection (>= 4.1) - framework: >= net46, >= netstandard13
      System.Reflection.Metadata (>= 1.2) - framework: >= net45, >= netstandard11, portable-net45+win8
      System.Reflection.Metadata (>= 1.3) - framework: >= net46, >= netstandard13
      System.Reflection.Primitives (>= 4.0.1) - framework: >= net46, >= netstandard13
      System.Resources.ResourceManager (>= 4.0.1) - framework: >= net46, >= netstandard13
      System.Runtime (>= 4.1) - framework: >= net46, >= netstandard13
      System.Runtime.Extensions (>= 4.1) - framework: >= net46, >= netstandard13
      System.Runtime.Handles (>= 4.0.1) - framework: >= net46, >= netstandard13
      System.Runtime.InteropServices (>= 4.1) - framework: >= net46, >= netstandard13
      System.Runtime.Numerics (>= 4.0.1) - framework: >= net46, >= netstandard13
      System.Security.Cryptography.Algorithms (>= 4.2) - framework: >= net46, >= netstandard13
      System.Security.Cryptography.Encoding (>= 4.0) - framework: >= net46, >= netstandard13
      System.Security.Cryptography.X509Certificates (>= 4.1) - framework: >= net46, >= netstandard13
      System.Text.Encoding (>= 4.0.11) - framework: >= net46, >= netstandard13
      System.Text.Encoding.CodePages (>= 4.0.1) - framework: >= net46, >= netstandard13
      System.Text.Encoding.Extensions (>= 4.0.11) - framework: >= net46, >= netstandard13
      System.Threading (>= 4.0.11) - framework: >= net46, >= netstandard13
      System.Threading.Tasks (>= 4.0.11) - framework: >= net46, >= netstandard13
      System.Threading.Tasks.Parallel (>= 4.0.1) - framework: >= net46, >= netstandard13
      System.Threading.Thread (>= 4.0) - framework: >= net46, >= netstandard13
      System.Xml.ReaderWriter (>= 4.0.11) - framework: >= net46, >= netstandard13
      System.Xml.XDocument (>= 4.0.11) - framework: >= net46, >= netstandard13
      System.Xml.XmlDocument (>= 4.0.1) - framework: >= net46, >= netstandard13
      System.Xml.XPath.XDocument (>= 4.0.1) - framework: >= net46, >= netstandard13
    Microsoft.CodeAnalysis.CSharp (1.3.2) - framework: >= net45
      Microsoft.CodeAnalysis.Common (1.3.2)
    Microsoft.Diagnostics.Tracing.TraceEvent (1.0.41) - framework: >= net45
    MSBuild.Extension.Pack (1.6) - framework: >= net40
    Newtonsoft.Json (7.0.1)
    NuGet.CommandLine (3.4.3)
    NUnit (2.6.4) - framework: >= net40
    System.AppContext (4.3) - framework: >= net46
    System.Collections (4.3) - framework: >= net46
    System.Collections.Concurrent (4.3) - framework: >= net46
    System.Collections.Immutable (1.3) - framework: >= net45
    System.Console (4.3) - framework: >= net46
    System.Diagnostics.Debug (4.3) - framework: >= net46
    System.Diagnostics.FileVersionInfo (4.3) - framework: >= net46
    System.Diagnostics.StackTrace (4.3) - framework: >= net46
    System.Diagnostics.Tools (4.3) - framework: >= net46
    System.Dynamic.Runtime (4.3) - framework: >= net46
    System.Globalization (4.3) - framework: >= net46
    System.IO (4.3) - framework: >= net463
    System.IO.FileSystem (4.3) - framework: >= net46
      System.IO.FileSystem.Primitives (>= 4.3) - framework: >= net46, >= netstandard13
    System.IO.FileSystem.Primitives (4.3) - framework: >= net46
    System.Linq (4.3) - framework: >= net46
    System.Linq.Expressions (4.3) - framework: >= net46
    System.Reflection (4.3) - framework: >= net46
    System.Reflection.Metadata (1.4.1) - framework: >= net45
      System.Collections.Immutable (>= 1.3) - framework: >= net45, >= netstandard11, monoandroid, monotouch, xamarinios, xamarinmac, winv4.5, wpav8.1
    System.Reflection.Primitives (4.3) - framework: >= net46
    System.Resources.ResourceManager (4.3) - framework: >= net46
    System.Runtime (4.3) - framework: >= net46
    System.Runtime.Extensions (4.3) - framework: >= net46
    System.Runtime.Handles (4.3) - framework: >= net46
    System.Runtime.InteropServices (4.3) - framework: >= net46
      System.Runtime (>= 4.3) - framework: net462, >= net463, dnxcore50, netstandard11, netstandard12, netstandard13, >= netstandard15
    System.Runtime.Numerics (4.3) - framework: >= net46
    System.Security.Cryptography.Algorithms (4.3) - framework: >= net46
      System.IO (>= 4.3) - framework: >= net463, dnxcore50, netstandard13, netstandard14, >= netstandard16
      System.Runtime (>= 4.3) - framework: >= net463, dnxcore50, netstandard13, netstandard14, >= netstandard16
      System.Security.Cryptography.Encoding (>= 4.3) - framework: >= net463, dnxcore50, >= netstandard16
      System.Security.Cryptography.Primitives (>= 4.3) - framework: net46, net461, >= net463, dnxcore50, netstandard13, netstandard14, >= netstandard16
    System.Security.Cryptography.Encoding (4.3) - framework: >= net46
    System.Security.Cryptography.Primitives (4.3) - framework: net46, net461, >= net463
    System.Security.Cryptography.X509Certificates (4.3) - framework: >= net46
      System.Security.Cryptography.Algorithms (>= 4.3) - framework: net46, >= net461, dnxcore50, netstandard13, netstandard14, >= netstandard16
      System.Security.Cryptography.Encoding (>= 4.3) - framework: net46, >= net461, dnxcore50, netstandard13, netstandard14, >= netstandard16
    System.Text.Encoding (4.3) - framework: >= net46
    System.Text.Encoding.CodePages (4.3) - framework: >= net46
    System.Text.Encoding.Extensions (4.3) - framework: >= net46
    System.Threading (4.3) - framework: >= net46
    System.Threading.Tasks (4.3) - framework: >= net45
    System.Threading.Tasks.Extensions (4.3) - framework: >= net45
    System.Threading.Tasks.Parallel (4.3) - framework: >= net46
    System.Threading.Thread (4.3) - framework: >= net46
    System.Xml.ReaderWriter (4.3) - framework: >= net46
    System.Xml.XDocument (4.3) - framework: >= net46
    System.Xml.XmlDocument (4.3) - framework: >= net46
    System.Xml.XPath (4.3) - framework: >= net46
    System.Xml.XPath.XDocument (4.3) - framework: >= net46
      System.Xml.XPath (>= 4.3) - framework: >= net46, >= netstandard13
