NUGET
  remote: http://api.nuget.org/v3/index.json
  specs:
    Antlr (3.5.0.2) - framework: >= net40
    BenchmarkDotNet (0.9.9) - framework: >= net40
      BenchmarkDotNet.Core (>= 0.9.9)
      BenchmarkDotNet.Toolchains.Roslyn (>= 0.9.9) - framework: >= net45
    BenchmarkDotNet.Core (0.9.9) - framework: >= net40
      Microsoft.CSharp (>= 4.0.1)
      Microsoft.DotNet.InternalAbstractions (>= 1.0.0)
      Microsoft.Win32.Primitives (>= 4.0.1)
      System.Console (>= 4.0.0)
      System.Diagnostics.Debug (>= 4.0.11)
      System.Diagnostics.Process (>= 4.1.0)
      System.Diagnostics.Tools (>= 4.0.1)
      System.IO.FileSystem (>= 4.0.1)
      System.Linq (>= 4.1.0)
      System.Reflection (>= 4.1.0)
      System.Reflection.Extensions (>= 4.0.1)
      System.Reflection.Primitives (>= 4.0.1)
      System.Reflection.TypeExtensions (>= 4.1.0)
      System.Resources.ResourceManager (>= 4.0.1)
      System.Runtime.InteropServices (>= 4.1.0)
      System.Runtime.InteropServices.RuntimeInformation (>= 4.0.0)
      System.Runtime.Serialization.Primitives (>= 4.1.1)
      System.Text.RegularExpressions (>= 4.1.0)
      System.Threading (>= 4.0.11)
      System.Threading.Tasks.Extensions (>= 4.0.0)
      System.Threading.Thread (>= 4.0.0)
      System.Xml.XPath.XmlDocument (>= 4.0.1)
    BenchmarkDotNet.Diagnostics.Windows (0.9.9) - framework: >= net40
      BenchmarkDotNet (>= 0.9.9) - framework: >= net45
      Microsoft.Diagnostics.Tracing.TraceEvent (>= 1.0.41) - framework: >= net45
    BenchmarkDotNet.Toolchains.Roslyn (0.9.9) - framework: >= net45
      BenchmarkDotNet.Core (>= 0.9.9) - framework: >= net45
      Microsoft.CodeAnalysis.CSharp (>= 1.3.2) - framework: >= net45
      System.Threading.Tasks (>= 4.0.0) - framework: >= net45
    d3 (3.5.6) - framework: >= net40
    Dynamitey (1.0.2) - framework: >= net40
    FSharp.Charting (0.90.14) - framework: >= net40
    FSharp.Core (3.1.2.1) - framework: >= net40
    FSharp.Data (2.3.2) - framework: >= net40
    FSharp.Interop.Dynamic (3.0.0) - framework: >= net40
      Dynamitey (>= 1.0.2.0)
      FSharp.Core (>= 3.1.2.1)
    FsUnit (1.3.1) - framework: >= net40
      NUnit (2.6.4)
    FsWebAddRegistryEntries (0.1.1) - framework: >= net40
    MathNet.Numerics (3.8.0) - framework: >= net40
    Microsoft.CodeAnalysis.Analyzers (1.1.0) - framework: >= net45
    Microsoft.CodeAnalysis.Common (1.3.2) - framework: >= net45
      Microsoft.CodeAnalysis.Analyzers (>= 1.1.0)
      System.AppContext (>= 4.1.0)
      System.Collections (>= 4.0.11)
      System.Collections.Concurrent (>= 4.0.12)
      System.Collections.Immutable (>= 1.2.0)
      System.Console (>= 4.0.0)
      System.Diagnostics.Debug (>= 4.0.11)
      System.Diagnostics.FileVersionInfo (>= 4.0.0)
      System.Diagnostics.StackTrace (>= 4.0.1)
      System.Diagnostics.Tools (>= 4.0.1)
      System.Dynamic.Runtime (>= 4.0.11)
      System.Globalization (>= 4.0.11)
      System.IO.FileSystem (>= 4.0.1)
      System.IO.FileSystem.Primitives (>= 4.0.1)
      System.Linq (>= 4.1.0)
      System.Linq.Expressions (>= 4.1.0)
      System.Reflection (>= 4.1.0)
      System.Reflection.Metadata (>= 1.3.0)
      System.Reflection.Primitives (>= 4.0.1)
      System.Resources.ResourceManager (>= 4.0.1)
      System.Runtime (>= 4.1.0)
      System.Runtime.Extensions (>= 4.1.0)
      System.Runtime.Handles (>= 4.0.1)
      System.Runtime.InteropServices (>= 4.1.0)
      System.Runtime.Numerics (>= 4.0.1)
      System.Security.Cryptography.Algorithms (>= 4.2.0)
      System.Security.Cryptography.Encoding (>= 4.0.0)
      System.Security.Cryptography.X509Certificates (>= 4.1.0)
      System.Text.Encoding (>= 4.0.11)
      System.Text.Encoding.CodePages (>= 4.0.1)
      System.Text.Encoding.Extensions (>= 4.0.11)
      System.Threading (>= 4.0.11)
      System.Threading.Tasks (>= 4.0.11)
      System.Threading.Tasks.Parallel (>= 4.0.1)
      System.Threading.Thread (>= 4.0.0)
      System.Xml.ReaderWriter (>= 4.0.11)
      System.Xml.XDocument (>= 4.0.11)
      System.Xml.XmlDocument (>= 4.0.1)
      System.Xml.XPath.XDocument (>= 4.0.1)
    Microsoft.CodeAnalysis.CSharp (1.3.2) - framework: >= net45
      Microsoft.CodeAnalysis.Common (1.3.2)
    Microsoft.CSharp (4.0.1) - framework: >= net40
      System.Collections (>= 4.0.11)
      System.Diagnostics.Debug (>= 4.0.11)
      System.Dynamic.Runtime (>= 4.0.11)
      System.Globalization (>= 4.0.11)
      System.Linq (>= 4.1.0)
      System.Linq.Expressions (>= 4.1.0)
      System.ObjectModel (>= 4.0.12)
      System.Reflection (>= 4.1.0)
      System.Reflection.Extensions (>= 4.0.1)
      System.Reflection.Primitives (>= 4.0.1)
      System.Reflection.TypeExtensions (>= 4.1.0)
      System.Resources.ResourceManager (>= 4.0.1)
      System.Runtime (>= 4.1.0)
      System.Runtime.Extensions (>= 4.1.0)
      System.Runtime.InteropServices (>= 4.1.0)
      System.Threading (>= 4.0.11)
    Microsoft.Diagnostics.Tracing.TraceEvent (1.0.41) - framework: >= net45
    Microsoft.DotNet.InternalAbstractions (1.0.0) - framework: >= net40
      System.AppContext (>= 4.1.0)
      System.Collections (>= 4.0.11)
      System.IO (>= 4.1.0)
      System.IO.FileSystem (>= 4.0.1)
      System.Reflection.TypeExtensions (>= 4.1.0)
      System.Runtime.Extensions (>= 4.1.0)
      System.Runtime.InteropServices (>= 4.1.0)
      System.Runtime.InteropServices.RuntimeInformation (>= 4.0.0)
    Microsoft.NETCore.Platforms (1.0.1) - framework: >= net40
    Microsoft.NETCore.Targets (1.0.1) - framework: >= net40
    Microsoft.Win32.Primitives (4.0.1) - framework: >= net40
      Microsoft.NETCore.Platforms (>= 1.0.1)
      Microsoft.NETCore.Targets (>= 1.0.1)
      System.Runtime (>= 4.1.0)
    Microsoft.Win32.Registry (4.0.0) - framework: >= net40
      Microsoft.NETCore.Platforms (>= 1.0.1)
      System.Collections (>= 4.0.11)
      System.Globalization (>= 4.0.11)
      System.Resources.ResourceManager (>= 4.0.1)
      System.Runtime (>= 4.1.0)
      System.Runtime.Extensions (>= 4.1.0)
      System.Runtime.Handles (>= 4.0.1)
      System.Runtime.InteropServices (>= 4.1.0)
    MSBuild.Extension.Pack (1.6.0) - framework: >= net40
    Newtonsoft.Json (7.0.1)
    NuGet.CommandLine (3.4.3)
    NUnit (2.6.4) - framework: >= net40
    runtime.native.System (4.0.0) - framework: >= net40
      Microsoft.NETCore.Platforms (>= 1.0.1)
      Microsoft.NETCore.Targets (>= 1.0.1)
    runtime.native.System.Net.Http (4.0.1) - framework: >= net45
      Microsoft.NETCore.Platforms (>= 1.0.1)
      Microsoft.NETCore.Targets (>= 1.0.1)
    runtime.native.System.Security.Cryptography (4.0.0) - framework: >= net45
      Microsoft.NETCore.Platforms (>= 1.0.1)
      Microsoft.NETCore.Targets (>= 1.0.1)
    System.AppContext (4.1.0) - framework: >= net40
      System.Runtime (>= 4.1.0)
    System.Collections (4.0.11) - framework: >= net40
      Microsoft.NETCore.Platforms (>= 1.0.1)
      Microsoft.NETCore.Targets (>= 1.0.1)
      System.Runtime (>= 4.1.0)
    System.Collections.Concurrent (4.0.12) - framework: >= net45
      System.Collections (>= 4.0.11)
      System.Diagnostics.Debug (>= 4.0.11)
      System.Diagnostics.Tracing (>= 4.1.0)
      System.Globalization (>= 4.0.11)
      System.Reflection (>= 4.1.0)
      System.Resources.ResourceManager (>= 4.0.1)
      System.Runtime (>= 4.1.0)
      System.Runtime.Extensions (>= 4.1.0)
      System.Threading (>= 4.0.11)
      System.Threading.Tasks (>= 4.0.11)
    System.Collections.Immutable (1.2.0) - framework: >= net45
      System.Collections (>= 4.0.11)
      System.Diagnostics.Debug (>= 4.0.11)
      System.Globalization (>= 4.0.11)
      System.Linq (>= 4.1.0)
      System.Resources.ResourceManager (>= 4.0.1)
      System.Runtime (>= 4.1.0)
      System.Runtime.Extensions (>= 4.1.0)
      System.Threading (>= 4.0.11)
    System.Console (4.0.0) - framework: >= net40
      Microsoft.NETCore.Platforms (>= 1.0.1)
      Microsoft.NETCore.Targets (>= 1.0.1)
      System.IO (>= 4.1.0)
      System.Runtime (>= 4.1.0)
      System.Text.Encoding (>= 4.0.11)
    System.Diagnostics.Debug (4.0.11) - framework: >= net40
      Microsoft.NETCore.Platforms (>= 1.0.1)
      Microsoft.NETCore.Targets (>= 1.0.1)
      System.Runtime (>= 4.1.0)
    System.Diagnostics.FileVersionInfo (4.0.0) - framework: >= net45
      Microsoft.NETCore.Platforms (>= 1.0.1)
      System.Globalization (>= 4.0.11)
      System.IO (>= 4.1.0)
      System.IO.FileSystem (>= 4.0.1)
      System.IO.FileSystem.Primitives (>= 4.0.1)
      System.Reflection.Metadata (>= 1.3.0)
      System.Runtime (>= 4.1.0)
      System.Runtime.Extensions (>= 4.1.0)
      System.Runtime.InteropServices (>= 4.1.0)
    System.Diagnostics.Process (4.1.0) - framework: >= net40
      Microsoft.NETCore.Platforms (>= 1.0.1)
      Microsoft.Win32.Primitives (>= 4.0.1)
      Microsoft.Win32.Registry (>= 4.0.0)
      runtime.native.System (>= 4.0.0)
      System.Collections (>= 4.0.11)
      System.Diagnostics.Debug (>= 4.0.11)
      System.Globalization (>= 4.0.11)
      System.IO (>= 4.1.0)
      System.IO.FileSystem (>= 4.0.1)
      System.IO.FileSystem.Primitives (>= 4.0.1)
      System.Resources.ResourceManager (>= 4.0.1)
      System.Runtime (>= 4.1.0)
      System.Runtime.Extensions (>= 4.1.0)
      System.Runtime.Handles (>= 4.0.1)
      System.Runtime.InteropServices (>= 4.1.0)
      System.Text.Encoding (>= 4.0.11)
      System.Text.Encoding.Extensions (>= 4.0.11)
      System.Threading (>= 4.0.11)
      System.Threading.Tasks (>= 4.0.11)
      System.Threading.Thread (>= 4.0.0)
      System.Threading.ThreadPool (>= 4.0.10)
    System.Diagnostics.StackTrace (4.0.1) - framework: >= net45
      System.Collections.Immutable (>= 1.2.0)
      System.IO.FileSystem (>= 4.0.1)
      System.Reflection (>= 4.1.0)
      System.Reflection.Metadata (>= 1.3.0)
      System.Runtime (>= 4.1.0)
      System.Runtime.Extensions (>= 4.1.0)
    System.Diagnostics.Tools (4.0.1) - framework: >= net40
      Microsoft.NETCore.Platforms (>= 1.0.1)
      Microsoft.NETCore.Targets (>= 1.0.1)
      System.Runtime (>= 4.1.0)
    System.Diagnostics.Tracing (4.1.0) - framework: >= net45
      Microsoft.NETCore.Platforms (>= 1.0.1)
      Microsoft.NETCore.Targets (>= 1.0.1)
      System.Runtime (>= 4.1.0)
    System.Dynamic.Runtime (4.0.11) - framework: >= net40
      System.Collections (>= 4.0.11)
      System.Diagnostics.Debug (>= 4.0.11)
      System.Globalization (>= 4.0.11)
      System.Linq (>= 4.1.0)
      System.Linq.Expressions (>= 4.1.0)
      System.ObjectModel (>= 4.0.12)
      System.Reflection (>= 4.1.0)
      System.Reflection.Emit (>= 4.0.1)
      System.Reflection.Emit.ILGeneration (>= 4.0.1)
      System.Reflection.Primitives (>= 4.0.1)
      System.Reflection.TypeExtensions (>= 4.1.0)
      System.Resources.ResourceManager (>= 4.0.1)
      System.Runtime (>= 4.1.0)
      System.Runtime.Extensions (>= 4.1.0)
      System.Threading (>= 4.0.11)
    System.Globalization (4.0.11) - framework: >= net40
      Microsoft.NETCore.Platforms (>= 1.0.1)
      Microsoft.NETCore.Targets (>= 1.0.1)
      System.Runtime (>= 4.1.0)
    System.Globalization.Calendars (4.0.1) - framework: >= net45
      Microsoft.NETCore.Platforms (>= 1.0.1)
      Microsoft.NETCore.Targets (>= 1.0.1)
      System.Globalization (>= 4.0.11)
      System.Runtime (>= 4.1.0)
    System.IO (4.1.0) - framework: >= net40
      Microsoft.NETCore.Platforms (>= 1.0.1)
      Microsoft.NETCore.Targets (>= 1.0.1)
      System.Runtime (>= 4.1.0)
      System.Text.Encoding (>= 4.0.11)
      System.Threading.Tasks (>= 4.0.11)
    System.IO.FileSystem (4.0.1) - framework: >= net40
      Microsoft.NETCore.Platforms (>= 1.0.1)
      Microsoft.NETCore.Targets (>= 1.0.1)
      System.IO (>= 4.1.0)
      System.IO.FileSystem.Primitives (>= 4.0.1)
      System.Runtime (>= 4.1.0)
      System.Runtime.Handles (>= 4.0.1)
      System.Text.Encoding (>= 4.0.11)
      System.Threading.Tasks (>= 4.0.11)
    System.IO.FileSystem.Primitives (4.0.1) - framework: >= net40
      System.Runtime (>= 4.1.0)
    System.Linq (4.1.0) - framework: >= net40
      System.Collections (>= 4.0.11)
      System.Diagnostics.Debug (>= 4.0.11)
      System.Resources.ResourceManager (>= 4.0.1)
      System.Runtime (>= 4.1.0)
      System.Runtime.Extensions (>= 4.1.0)
    System.Linq.Expressions (4.1.0) - framework: >= net40
      System.Collections (>= 4.0.11)
      System.Diagnostics.Debug (>= 4.0.11)
      System.Globalization (>= 4.0.11)
      System.IO (>= 4.1.0)
      System.Linq (>= 4.1.0)
      System.ObjectModel (>= 4.0.12)
      System.Reflection (>= 4.1.0)
      System.Reflection.Emit (>= 4.0.1)
      System.Reflection.Emit.ILGeneration (>= 4.0.1)
      System.Reflection.Emit.Lightweight (>= 4.0.1)
      System.Reflection.Extensions (>= 4.0.1)
      System.Reflection.Primitives (>= 4.0.1)
      System.Reflection.TypeExtensions (>= 4.1.0)
      System.Resources.ResourceManager (>= 4.0.1)
      System.Runtime (>= 4.1.0)
      System.Runtime.Extensions (>= 4.1.0)
      System.Threading (>= 4.0.11)
    System.ObjectModel (4.0.12) - framework: >= net40
      System.Collections (>= 4.0.11)
      System.Diagnostics.Debug (>= 4.0.11)
      System.Resources.ResourceManager (>= 4.0.1)
      System.Runtime (>= 4.1.0)
      System.Threading (>= 4.0.11)
    System.Reflection (4.1.0) - framework: >= net40
      Microsoft.NETCore.Platforms (>= 1.0.1)
      Microsoft.NETCore.Targets (>= 1.0.1)
      System.IO (>= 4.1.0)
      System.Reflection.Primitives (>= 4.0.1)
      System.Runtime (>= 4.1.0)
    System.Reflection.Emit (4.0.1) - framework: >= net40
      System.IO (>= 4.1.0)
      System.Reflection (>= 4.1.0)
      System.Reflection.Emit.ILGeneration (>= 4.0.1)
      System.Reflection.Primitives (>= 4.0.1)
      System.Runtime (>= 4.1.0)
    System.Reflection.Emit.ILGeneration (4.0.1) - framework: >= net40
      System.Reflection (>= 4.1.0)
      System.Reflection.Primitives (>= 4.0.1)
      System.Runtime (>= 4.1.0)
    System.Reflection.Emit.Lightweight (4.0.1) - framework: >= net40
      System.Reflection (>= 4.1.0)
      System.Reflection.Emit.ILGeneration (>= 4.0.1)
      System.Reflection.Primitives (>= 4.0.1)
      System.Runtime (>= 4.1.0)
    System.Reflection.Extensions (4.0.1) - framework: >= net40
      Microsoft.NETCore.Platforms (>= 1.0.1)
      Microsoft.NETCore.Targets (>= 1.0.1)
      System.Reflection (>= 4.1.0)
      System.Runtime (>= 4.1.0)
    System.Reflection.Metadata (1.3.0) - framework: >= net45
      System.Collections (>= 4.0.11)
      System.Collections.Immutable (>= 1.2.0)
      System.Diagnostics.Debug (>= 4.0.11)
      System.IO (>= 4.1.0)
      System.Linq (>= 4.1.0)
      System.Reflection (>= 4.1.0)
      System.Reflection.Extensions (>= 4.0.1)
      System.Reflection.Primitives (>= 4.0.1)
      System.Resources.ResourceManager (>= 4.0.1)
      System.Runtime (>= 4.1.0)
      System.Runtime.Extensions (>= 4.1.0)
      System.Runtime.InteropServices (>= 4.1.0)
      System.Text.Encoding (>= 4.0.11)
      System.Text.Encoding.Extensions (>= 4.0.11)
      System.Threading (>= 4.0.11)
    System.Reflection.Primitives (4.0.1) - framework: >= net40
      Microsoft.NETCore.Platforms (>= 1.0.1)
      Microsoft.NETCore.Targets (>= 1.0.1)
      System.Runtime (>= 4.1.0)
    System.Reflection.TypeExtensions (4.1.0) - framework: >= net40
      System.Reflection (>= 4.1.0)
      System.Runtime (>= 4.1.0)
    System.Resources.ResourceManager (4.0.1) - framework: >= net40
      Microsoft.NETCore.Platforms (>= 1.0.1)
      Microsoft.NETCore.Targets (>= 1.0.1)
      System.Globalization (>= 4.0.11)
      System.Reflection (>= 4.1.0)
      System.Runtime (>= 4.1.0)
    System.Runtime (4.1.0) - framework: >= net40
      Microsoft.NETCore.Platforms (>= 1.0.1)
      Microsoft.NETCore.Targets (>= 1.0.1)
    System.Runtime.Extensions (4.1.0) - framework: >= net40
      Microsoft.NETCore.Platforms (>= 1.0.1)
      Microsoft.NETCore.Targets (>= 1.0.1)
      System.Runtime (>= 4.1.0)
    System.Runtime.Handles (4.0.1) - framework: >= net40
      Microsoft.NETCore.Platforms (>= 1.0.1)
      Microsoft.NETCore.Targets (>= 1.0.1)
      System.Runtime (>= 4.1.0)
    System.Runtime.InteropServices (4.1.0) - framework: >= net40
      Microsoft.NETCore.Platforms (>= 1.0.1)
      Microsoft.NETCore.Targets (>= 1.0.1)
      System.Reflection (>= 4.1.0)
      System.Reflection.Primitives (>= 4.0.1)
      System.Runtime (>= 4.1.0)
      System.Runtime.Handles (>= 4.0.1)
    System.Runtime.InteropServices.RuntimeInformation (4.0.0) - framework: >= net40
      Microsoft.NETCore.Platforms (>= 1.0.1)
      runtime.native.System (>= 4.0.0)
      System.Reflection (>= 4.1.0)
      System.Resources.ResourceManager (>= 4.0.1)
      System.Runtime (>= 4.1.0)
      System.Runtime.InteropServices (>= 4.1.0)
      System.Threading (>= 4.0.11)
    System.Runtime.Numerics (4.0.1) - framework: >= net45
      System.Globalization (>= 4.0.11)
      System.Resources.ResourceManager (>= 4.0.1)
      System.Runtime (>= 4.1.0)
      System.Runtime.Extensions (>= 4.1.0)
    System.Runtime.Serialization.Primitives (4.1.1) - framework: >= net40
      System.Resources.ResourceManager (>= 4.0.1)
      System.Runtime (>= 4.1.0)
    System.Security.Cryptography.Algorithms (4.2.0) - framework: >= net45
      Microsoft.NETCore.Platforms (>= 1.0.1)
      runtime.native.System.Security.Cryptography (>= 4.0.0)
      System.Collections (>= 4.0.11)
      System.IO (>= 4.1.0)
      System.Resources.ResourceManager (>= 4.0.1)
      System.Runtime (>= 4.1.0)
      System.Runtime.Extensions (>= 4.1.0)
      System.Runtime.Handles (>= 4.0.1)
      System.Runtime.InteropServices (>= 4.1.0)
      System.Runtime.Numerics (>= 4.0.1)
      System.Security.Cryptography.Encoding (>= 4.0.0)
      System.Security.Cryptography.Primitives (>= 4.0.0)
      System.Text.Encoding (>= 4.0.11)
    System.Security.Cryptography.Cng (4.2.0) - framework: >= net45
      Microsoft.NETCore.Platforms (>= 1.0.1)
      System.IO (>= 4.1.0)
      System.Resources.ResourceManager (>= 4.0.1)
      System.Runtime (>= 4.1.0)
      System.Runtime.Extensions (>= 4.1.0)
      System.Runtime.Handles (>= 4.0.1)
      System.Runtime.InteropServices (>= 4.1.0)
      System.Security.Cryptography.Algorithms (>= 4.2.0)
      System.Security.Cryptography.Encoding (>= 4.0.0)
      System.Security.Cryptography.Primitives (>= 4.0.0)
      System.Text.Encoding (>= 4.0.11)
    System.Security.Cryptography.Csp (4.0.0) - framework: >= net45
      Microsoft.NETCore.Platforms (>= 1.0.1)
      System.IO (>= 4.1.0)
      System.Reflection (>= 4.1.0)
      System.Resources.ResourceManager (>= 4.0.1)
      System.Runtime (>= 4.1.0)
      System.Runtime.Extensions (>= 4.1.0)
      System.Runtime.Handles (>= 4.0.1)
      System.Runtime.InteropServices (>= 4.1.0)
      System.Security.Cryptography.Algorithms (>= 4.2.0)
      System.Security.Cryptography.Encoding (>= 4.0.0)
      System.Security.Cryptography.Primitives (>= 4.0.0)
      System.Text.Encoding (>= 4.0.11)
      System.Threading (>= 4.0.11)
    System.Security.Cryptography.Encoding (4.0.0) - framework: >= net45
      Microsoft.NETCore.Platforms (>= 1.0.1)
      runtime.native.System.Security.Cryptography (>= 4.0.0)
      System.Collections (>= 4.0.11)
      System.Collections.Concurrent (>= 4.0.12)
      System.Linq (>= 4.1.0)
      System.Resources.ResourceManager (>= 4.0.1)
      System.Runtime (>= 4.1.0)
      System.Runtime.Extensions (>= 4.1.0)
      System.Runtime.Handles (>= 4.0.1)
      System.Runtime.InteropServices (>= 4.1.0)
      System.Security.Cryptography.Primitives (>= 4.0.0)
      System.Text.Encoding (>= 4.0.11)
    System.Security.Cryptography.OpenSsl (4.0.0) - framework: >= net45
      runtime.native.System.Security.Cryptography (>= 4.0.0)
      System.Collections (>= 4.0.11)
      System.IO (>= 4.1.0)
      System.Resources.ResourceManager (>= 4.0.1)
      System.Runtime (>= 4.1.0)
      System.Runtime.Extensions (>= 4.1.0)
      System.Runtime.Handles (>= 4.0.1)
      System.Runtime.InteropServices (>= 4.1.0)
      System.Runtime.Numerics (>= 4.0.1)
      System.Security.Cryptography.Algorithms (>= 4.2.0)
      System.Security.Cryptography.Encoding (>= 4.0.0)
      System.Security.Cryptography.Primitives (>= 4.0.0)
      System.Text.Encoding (>= 4.0.11)
    System.Security.Cryptography.Primitives (4.0.0) - framework: >= net45
      System.Diagnostics.Debug (>= 4.0.11)
      System.Globalization (>= 4.0.11)
      System.IO (>= 4.1.0)
      System.Resources.ResourceManager (>= 4.0.1)
      System.Runtime (>= 4.1.0)
      System.Threading (>= 4.0.11)
      System.Threading.Tasks (>= 4.0.11)
    System.Security.Cryptography.X509Certificates (4.1.0) - framework: >= net45
      Microsoft.NETCore.Platforms (>= 1.0.1)
      runtime.native.System (>= 4.0.0)
      runtime.native.System.Net.Http (>= 4.0.1)
      runtime.native.System.Security.Cryptography (>= 4.0.0)
      System.Collections (>= 4.0.11)
      System.Diagnostics.Debug (>= 4.0.11)
      System.Globalization (>= 4.0.11)
      System.Globalization.Calendars (>= 4.0.1)
      System.IO (>= 4.1.0)
      System.IO.FileSystem (>= 4.0.1)
      System.IO.FileSystem.Primitives (>= 4.0.1)
      System.Resources.ResourceManager (>= 4.0.1)
      System.Runtime (>= 4.1.0)
      System.Runtime.Extensions (>= 4.1.0)
      System.Runtime.Handles (>= 4.0.1)
      System.Runtime.InteropServices (>= 4.1.0)
      System.Runtime.Numerics (>= 4.0.1)
      System.Security.Cryptography.Algorithms (>= 4.2.0)
      System.Security.Cryptography.Cng (>= 4.2.0)
      System.Security.Cryptography.Csp (>= 4.0.0)
      System.Security.Cryptography.Encoding (>= 4.0.0)
      System.Security.Cryptography.OpenSsl (>= 4.0.0)
      System.Security.Cryptography.Primitives (>= 4.0.0)
      System.Text.Encoding (>= 4.0.11)
      System.Threading (>= 4.0.11)
    System.Text.Encoding (4.0.11) - framework: >= net40
      Microsoft.NETCore.Platforms (>= 1.0.1)
      Microsoft.NETCore.Targets (>= 1.0.1)
      System.Runtime (>= 4.1.0)
    System.Text.Encoding.CodePages (4.0.1) - framework: >= net45
      Microsoft.NETCore.Platforms (>= 1.0.1)
      System.Collections (>= 4.0.11)
      System.Globalization (>= 4.0.11)
      System.IO (>= 4.1.0)
      System.Reflection (>= 4.1.0)
      System.Resources.ResourceManager (>= 4.0.1)
      System.Runtime (>= 4.1.0)
      System.Runtime.Extensions (>= 4.1.0)
      System.Runtime.Handles (>= 4.0.1)
      System.Runtime.InteropServices (>= 4.1.0)
      System.Text.Encoding (>= 4.0.11)
      System.Threading (>= 4.0.11)
    System.Text.Encoding.Extensions (4.0.11) - framework: >= net40
      Microsoft.NETCore.Platforms (>= 1.0.1)
      Microsoft.NETCore.Targets (>= 1.0.1)
      System.Runtime (>= 4.1.0)
      System.Text.Encoding (>= 4.0.11)
    System.Text.RegularExpressions (4.1.0) - framework: >= net40
      System.Collections (>= 4.0.11)
      System.Globalization (>= 4.0.11)
      System.Resources.ResourceManager (>= 4.0.1)
      System.Runtime (>= 4.1.0)
      System.Runtime.Extensions (>= 4.1.0)
      System.Threading (>= 4.0.11)
    System.Threading (4.0.11) - framework: >= net40
      System.Runtime (>= 4.1.0)
      System.Threading.Tasks (>= 4.0.11)
    System.Threading.Tasks (4.0.11) - framework: >= net40
      Microsoft.NETCore.Platforms (>= 1.0.1)
      Microsoft.NETCore.Targets (>= 1.0.1)
      System.Runtime (>= 4.1.0)
    System.Threading.Tasks.Extensions (4.0.0) - framework: >= net40
      System.Collections (>= 4.0.11)
      System.Runtime (>= 4.1.0)
      System.Threading.Tasks (>= 4.0.11)
    System.Threading.Tasks.Parallel (4.0.1) - framework: >= net45
      System.Collections.Concurrent (>= 4.0.12)
      System.Diagnostics.Debug (>= 4.0.11)
      System.Diagnostics.Tracing (>= 4.1.0)
      System.Resources.ResourceManager (>= 4.0.1)
      System.Runtime (>= 4.1.0)
      System.Runtime.Extensions (>= 4.1.0)
      System.Threading (>= 4.0.11)
      System.Threading.Tasks (>= 4.0.11)
    System.Threading.Thread (4.0.0) - framework: >= net40
      System.Runtime (>= 4.1.0)
    System.Threading.ThreadPool (4.0.10) - framework: >= net40
      System.Runtime (>= 4.1.0)
      System.Runtime.Handles (>= 4.0.1)
    System.Xml.ReaderWriter (4.0.11) - framework: >= net40
      System.Collections (>= 4.0.11)
      System.Diagnostics.Debug (>= 4.0.11)
      System.Globalization (>= 4.0.11)
      System.IO (>= 4.1.0)
      System.IO.FileSystem (>= 4.0.1)
      System.IO.FileSystem.Primitives (>= 4.0.1)
      System.Resources.ResourceManager (>= 4.0.1)
      System.Runtime (>= 4.1.0)
      System.Runtime.Extensions (>= 4.1.0)
      System.Runtime.InteropServices (>= 4.1.0)
      System.Text.Encoding (>= 4.0.11)
      System.Text.Encoding.Extensions (>= 4.0.11)
      System.Text.RegularExpressions (>= 4.1.0)
      System.Threading.Tasks (>= 4.0.11)
      System.Threading.Tasks.Extensions (>= 4.0.0)
    System.Xml.XDocument (4.0.11) - framework: >= net45
      System.Collections (>= 4.0.11)
      System.Diagnostics.Debug (>= 4.0.11)
      System.Diagnostics.Tools (>= 4.0.1)
      System.Globalization (>= 4.0.11)
      System.IO (>= 4.1.0)
      System.Reflection (>= 4.1.0)
      System.Resources.ResourceManager (>= 4.0.1)
      System.Runtime (>= 4.1.0)
      System.Runtime.Extensions (>= 4.1.0)
      System.Text.Encoding (>= 4.0.11)
      System.Threading (>= 4.0.11)
      System.Xml.ReaderWriter (>= 4.0.11)
    System.Xml.XmlDocument (4.0.1) - framework: >= net40
      System.Collections (>= 4.0.11)
      System.Diagnostics.Debug (>= 4.0.11)
      System.Globalization (>= 4.0.11)
      System.IO (>= 4.1.0)
      System.Resources.ResourceManager (>= 4.0.1)
      System.Runtime (>= 4.1.0)
      System.Runtime.Extensions (>= 4.1.0)
      System.Text.Encoding (>= 4.0.11)
      System.Threading (>= 4.0.11)
      System.Xml.ReaderWriter (>= 4.0.11)
    System.Xml.XPath (4.0.1) - framework: >= net40
      System.Collections (>= 4.0.11)
      System.Diagnostics.Debug (>= 4.0.11)
      System.Globalization (>= 4.0.11)
      System.IO (>= 4.1.0)
      System.Resources.ResourceManager (>= 4.0.1)
      System.Runtime (>= 4.1.0)
      System.Runtime.Extensions (>= 4.1.0)
      System.Threading (>= 4.0.11)
      System.Xml.ReaderWriter (>= 4.0.11)
    System.Xml.XPath.XDocument (4.0.1) - framework: >= net45
      System.Diagnostics.Debug (>= 4.0.11)
      System.Linq (>= 4.1.0)
      System.Resources.ResourceManager (>= 4.0.1)
      System.Runtime (>= 4.1.0)
      System.Runtime.Extensions (>= 4.1.0)
      System.Threading (>= 4.0.11)
      System.Xml.ReaderWriter (>= 4.0.11)
      System.Xml.XDocument (>= 4.0.11)
      System.Xml.XPath (>= 4.0.1)
    System.Xml.XPath.XmlDocument (4.0.1) - framework: >= net40
      System.Collections (>= 4.0.11)
      System.Globalization (>= 4.0.11)
      System.IO (>= 4.1.0)
      System.Resources.ResourceManager (>= 4.0.1)
      System.Runtime (>= 4.1.0)
      System.Runtime.Extensions (>= 4.1.0)
      System.Threading (>= 4.0.11)
      System.Xml.ReaderWriter (>= 4.0.11)
      System.Xml.XmlDocument (>= 4.0.1)
      System.Xml.XPath (>= 4.0.1)
